PATH
  remote: .
  specs:
    country_select (6.1.1)
      countries (~> 4.2)
      sort_alphabetical (~> 1.1)

GEM
  remote: https://rubygems.org/
  specs:
    actionpack (7.0.1)
      actionview (= 7.0.1)
      activesupport (= 7.0.1)
      rack (~> 2.0, >= 2.2.0)
      rack-test (>= 0.6.3)
      rails-dom-testing (~> 2.0)
      rails-html-sanitizer (~> 1.0, >= 1.2.0)
    actionview (7.0.1)
      activesupport (= 7.0.1)
      builder (~> 3.1)
      erubi (~> 1.4)
      rails-dom-testing (~> 2.0)
      rails-html-sanitizer (~> 1.1, >= 1.2.0)
    activesupport (7.0.1)
      concurrent-ruby (~> 1.0, >= 1.0.2)
      i18n (>= 1.6, < 2)
      minitest (>= 5.1)
      tzinfo (~> 2.0)
    builder (3.2.4)
    coderay (1.1.3)
    concurrent-ruby (1.1.9)
    countries (4.2.1)
      i18n_data (~> 0.15.0)
      sixarm_ruby_unaccent (~> 1.1)
    crass (1.0.6)
    diff-lcs (1.5.0)
    erubi (1.10.0)
    i18n (1.8.11)
      concurrent-ruby (~> 1.0)
    i18n_data (0.15.0)
      simple_po_parser (~> 1.1)
    loofah (2.13.0)
      crass (~> 1.0.2)
      nokogiri (>= 1.5.9)
    method_source (1.0.0)
    mini_portile2 (2.7.1)
    minitest (5.15.0)
    nokogiri (1.13.1)
      mini_portile2 (~> 2.7.0)
      racc (~> 1.4)
    nokogiri (1.13.1-x86_64-linux)
      racc (~> 1.4)
    pry (0.14.1)
      coderay (~> 1.1)
      method_source (~> 1.0)
    racc (1.6.0)
    rack (2.2.3)
    rack-test (1.1.0)
      rack (>= 1.0, < 3)
    rails-dom-testing (2.0.3)
      activesupport (>= 4.2.0)
      nokogiri (>= 1.6)
    rails-html-sanitizer (1.4.2)
      loofah (~> 2.3)
    rake (13.0.6)
    rspec (3.10.0)
      rspec-core (~> 3.10.0)
      rspec-expectations (~> 3.10.0)
      rspec-mocks (~> 3.10.0)
    rspec-core (3.10.1)
      rspec-support (~> 3.10.0)
    rspec-expectations (3.10.2)
      diff-lcs (>= 1.2.0, < 2.0)
      rspec-support (~> 3.10.0)
    rspec-mocks (3.10.2)
      diff-lcs (>= 1.2.0, < 2.0)
      rspec-support (~> 3.10.0)
    rspec-support (3.10.3)
    simple_po_parser (1.1.5)
    sixarm_ruby_unaccent (1.2.0)
    sort_alphabetical (1.1.0)
      unicode_utils (>= 1.2.2)
    tzinfo (2.0.4)
      concurrent-ruby (~> 1.0)
    unicode_utils (1.4.0)

PLATFORMS
  ruby
  x86_64-linux

DEPENDENCIES
  actionpack (~> 7.0)
  country_select!
  pry (~> 0)
  rake (~> 13)
  rspec (~> 3)

BUNDLED WITH
   2.3.3
