PATH
  remote: .
  specs:
    rack-proxy (0.7.7)
      rack

GEM
  remote: https://rubygems.org/
  specs:
    power_assert (2.0.3)
    rack (3.0.8)
    rack-test (2.1.0)
      rack (>= 1.3)
    rake (13.0.6)
    test-unit (3.6.1)
      power_assert

PLATFORMS
  arm64-darwin-22

DEPENDENCIES
  rack-proxy!
  rack-test
  rake
  test-unit

BUNDLED WITH
   2.4.17
